GEM
  remote: http://rubygems.org/
  specs:
    abstract (1.0.0)
    actionmailer (3.0.7)
      actionpack (= 3.0.7)
      mail (~> 2.2.15)
    actionpack (3.0.7)
      activemodel (= 3.0.7)
      activesupport (= 3.0.7)
      builder (~> 2.1.2)
      erubis (~> 2.6.6)
      i18n (~> 0.5.0)
      rack (~> 1.2.1)
      rack-mount (~> 0.6.14)
      rack-test (~> 0.5.7)
      tzinfo (~> 0.3.23)
    activemodel (3.0.7)
      activesupport (= 3.0.7)
      builder (~> 2.1.2)
      i18n (~> 0.5.0)
    activerecord (3.0.7)
      activemodel (= 3.0.7)
      activesupport (= 3.0.7)
      arel (~> 2.0.2)
      tzinfo (~> 0.3.23)
    activeresource (3.0.7)
      activemodel (= 3.0.7)
      activesupport (= 3.0.7)
    activesupport (3.0.7)
    arel (2.0.9)
    bcrypt-ruby (2.1.4)
    bson (1.3.0)
    bson_ext (1.3.0)
    builder (2.1.2)
    chunky_png (1.2.0)
    compass (0.11.1)
      chunky_png (~> 1.1)
      fssm (>= 0.2.7)
      sass (~> 3.1)
    database_cleaner (0.6.7)
    erubis (2.6.6)
      abstract (>= 1.0.0)
    fabrication (0.9.5)
    fssm (0.2.7)
    grape (0.1.4)
      multi_json
      multi_xml
      rack
      rack-jsonp
      rack-mount
    growl (1.0.3)
    guard (0.3.4)
      thor (~> 0.14.6)
    guard-minitest (0.3.0)
      guard (>= 0.2.2)
    guard-test (0.2.0)
      guard (>= 0.2.2)
      test-unit (~> 2.2)
    i18n (0.5.0)
    kaminari (0.12.4)
      rails (>= 3.0.0)
    macaddr (1.0.0)
    mail (2.2.19)
      activesupport (>= 2.3.6)
      i18n (>= 0.4.0)
      mime-types (~> 1.16)
      treetop (~> 1.4.8)
    mime-types (1.16)
    mini_specunit (0.1.1)
      minitest
    minitest (2.1.0)
    mongo (1.3.0)
      bson (>= 1.3.0)
    mongo_ext (0.19.3)
    mongoid (2.0.1)
      activemodel (~> 3.0)
      mongo (~> 1.3)
      tzinfo (~> 0.3.22)
      will_paginate (~> 3.0.pre)
    multi_json (1.0.1)
    multi_xml (0.2.2)
    polyglot (0.3.1)
    rack (1.2.2)
    rack-jsonp (1.1.0)
      rack
    rack-mount (0.6.14)
      rack (>= 1.0.0)
    rack-test (0.5.7)
      rack (>= 1.0)
    rails (3.0.7)
      actionmailer (= 3.0.7)
      actionpack (= 3.0.7)
      activerecord (= 3.0.7)
      activeresource (= 3.0.7)
      activesupport (= 3.0.7)
      bundler (~> 1.0)
      railties (= 3.0.7)
    railties (3.0.7)
      actionpack (= 3.0.7)
      activesupport (= 3.0.7)
      rake (>= 0.8.7)
      thor (~> 0.14.4)
    rake (0.8.7)
    rb-fsevent (0.4.0)
    redcarpet (1.13.1)
    sass (3.1.1)
    simple_form (1.3.1)
    test-unit (2.3.0)
    themes_for_rails (0.4.2)
      rails (~> 3.0.0)
      themes_for_rails
    therubyracer (0.8.1)
    thor (0.14.6)
    treetop (1.4.9)
      polyglot (>= 0.3.1)
    tzinfo (0.3.27)
    uuid (2.3.2)
      macaddr (~> 1.0)
    will_paginate (3.0.pre2)

PLATFORMS
  ruby

DEPENDENCIES
  bcrypt-ruby (~> 2.1.4)
  bson_ext (~> 1.3.0)
  compass (~> 0.11.1)
  database_cleaner (~> 0.6.6)
  fabrication (~> 0.9.5)
  grape (~> 0.1.4)
  growl (~> 1.0.3)
  guard (~> 0.3.4)
  guard-minitest (~> 0.3.0)
  guard-test (~> 0.2.0)
  kaminari (~> 0.12.4)
  mini_specunit (~> 0.1.1)
  minitest (~> 2.1.0)
  mongo_ext (~> 0.19.3)
  mongoid (~> 2.0.1)
  rails (~> 3.0.7)
  rb-fsevent (~> 0.4.0)
  redcarpet (~> 1.13.1)
  simple_form (~> 1.3.1)
  themes_for_rails (~> 0.4.2)
  therubyracer (~> 0.8.1)
  uuid (~> 2.3.2)
